PATH
  remote: .
  specs:
    jwt_nacl (0.1.0)
      rbnacl (~> 4.0)
      rbnacl-libsodium (~> 1.0)

GEM
  remote: https://rubygems.org/
  specs:
    ansi (1.5.0)
    builder (3.2.3)
    docile (1.1.5)
    ffi (1.9.17)
    json (2.0.3)
    minitest (5.10.1)
    minitest-reporters (1.1.14)
      ansi
      builder
      minitest (>= 5.0)
      ruby-progressbar
    rake (12.0.0)
    rbnacl (4.0.1)
      ffi
    rbnacl-libsodium (1.0.11)
      rbnacl (>= 3.0.1)
    ruby-progressbar (1.8.1)
    simplecov (0.13.0)
      docile (~> 1.1.0)
      json (>= 1.8, < 3)
      simplecov-html (~> 0.10.0)
    simplecov-html (0.10.0)
    wwtd (1.3.0)
    yard (0.9.8)

PLATFORMS
  ruby

DEPENDENCIES
  bundler (~> 1.13)
  jwt_nacl!
  minitest (~> 5.0)
  minitest-reporters (~> 1.1)
  rake (~> 12.0)
  simplecov (~> 0.13)
  wwtd (~> 1.3)
  yard (~> 0.9)

BUNDLED WITH
   1.13.7
